ObjectType = Image
NDims = 3
BinaryData = True
BinaryDataByteOrderMSB = False
CompressedData = False
TransformMatrix = 0.99999           0           0           0     0.99999           0           0           0     0.99999
CenterOfRotation = 0  0  0
AnatomicalOrientation = RAI
Offset = 11.9502     -43.5112      51.5109
ElementSpacing = 0.2         0.2         0.2
DimSize = 164  109   64
ElementNumberOfChannels = 1
ElementType = MET_DOUBLE
ElementDataFile = wynikProgrowanie.raw
