ObjectType = Image
NDims = 3
BinaryData = True
BinaryDataByteOrderMSB = False
CompressedData = False
TransformMatrix = 0.99999 0.00000 0.00000 0.00000 0.99999 0.00000 0.00000 0.00000 0.99999
Offset = -36.59846 -28.40312 39.25517
CenterOfRotation = 0 0 0
AnatomicalOrientation = RAI
ElementSpacing = 0.14160 0.14160 0.14160
DimSize = 185 101 93
ElementType = MET_SHORT
ElementDataFile = 1587.raw