ObjectType = Image
NDims = 3
BinaryData = True
BinaryDataByteOrderMSB = False
CompressedData = False
TransformMatrix = 0.99999 0.00000 0.00000 0.00000 0.99999 0.00000 0.00000 0.00000 0.99999
Offset = 11.95019 -43.51115 51.51086
CenterOfRotation = 0 0 0
AnatomicalOrientation = RAI
ElementSpacing = 0.20000 0.20000 0.20000
DimSize = 164 109 64
ElementType = MET_SHORT
ElementDataFile = 3004.raw