ObjectType = Image
NDims = 3
BinaryData = True
BinaryDataByteOrderMSB = False
CompressedData = False
TransformMatrix = 0.99999 0.00000 0.00000 0.00000 0.99999 0.00000 0.00000 0.00000 0.99999
Offset = -41.50457 -30.69103 45.85883
CenterOfRotation = 0 0 0
AnatomicalOrientation = RAI
ElementSpacing = 0.20000 0.20000 0.20000
DimSize = 148 65 54
ElementType = MET_SHORT
ElementDataFile = 87.raw