ObjectType = Image
NDims = 3
BinaryData = True
BinaryDataByteOrderMSB = False
CompressedData = False
TransformMatrix = 0.99999 0.00000 0.00000 0.00000 0.99999 0.00000 0.00000 0.00000 0.99999
Offset = -27.76364 -29.20636 62.55008
CenterOfRotation = 0 0 0
AnatomicalOrientation = RAI
ElementSpacing = 0.20000 0.20000 0.20000
DimSize = 135 82 73
ElementType = MET_SHORT
ElementDataFile = 9138.raw